PATH
  remote: .
  specs:
    http_client_detector (0.3.1)
      json (~> 1.7)
      rack (>= 1.4)
      rack-contrib (~> 1.2.0)

GEM
  remote: http://rubygems.org/
  specs:
    addressable (2.8.1)
      public_suffix (>= 2.0.2, < 6.0)
    coderay (1.1.2)
    crack (0.4.5)
      rexml
    diff-lcs (1.3)
    hashdiff (1.0.1)
    json (1.8.6)
    method_source (0.9.0)
    mime-types (2.99.3)
    pry (0.11.3)
      coderay (~> 1.1.0)
      method_source (~> 0.9.0)
    public_suffix (4.0.7)
    rack (2.0.4)
    rack-contrib (1.2.0)
      rack (>= 0.9.1)
    rack-test (1.0.0)
      rack (>= 1.0, < 3)
    rake (12.3.1)
    rexml (3.2.5)
    rspec (3.7.0)
      rspec-core (~> 3.7.0)
      rspec-expectations (~> 3.7.0)
      rspec-mocks (~> 3.7.0)
    rspec-core (3.7.1)
      rspec-support (~> 3.7.0)
    rspec-expectations (3.7.0)
      diff-lcs (>= 1.2.0, < 2.0)
      rspec-support (~> 3.7.0)
    rspec-mocks (3.7.0)
      diff-lcs (>= 1.2.0, < 2.0)
      rspec-support (~> 3.7.0)
    rspec-support (3.7.1)
    webmock (3.18.1)
      addressable (>= 2.8.0)
      crack (>= 0.3.2)
      hashdiff (>= 0.4.0, < 2.0.0)

PLATFORMS
  ruby

DEPENDENCIES
  http_client_detector!
  mime-types
  pry
  rack-test
  rake
  rspec
  webmock (>= 3.14.0)

BUNDLED WITH
   1.17.1
