PATH
  remote: .
  specs:
    http_client_detector (0.2.2)
      json (~> 1.7)
      rack (~> 1.4)
      rack-contrib (~> 1.2.0)
      rest-client (= 1.6.7)

GEM
  remote: http://rubygems.org/
  specs:
    addressable (2.3.5)
    crack (0.4.1)
      safe_yaml (~> 0.9.0)
    diff-lcs (1.2.5)
    json (1.8.3)
    mime-types (1.25.1)
    rack (1.6.4)
    rack-contrib (1.2.0)
      rack (>= 0.9.1)
    rack-test (0.6.2)
      rack (>= 1.0)
    rake (0.8.7)
    rest-client (1.6.7)
      mime-types (>= 1.16)
    rspec (2.14.1)
      rspec-core (~> 2.14.0)
      rspec-expectations (~> 2.14.0)
      rspec-mocks (~> 2.14.0)
    rspec-core (2.14.7)
    rspec-expectations (2.14.4)
      diff-lcs (>= 1.1.3, < 2.0)
    rspec-mocks (2.14.4)
    safe_yaml (0.9.7)
    webmock (1.16.1)
      addressable (>= 2.2.7)
      crack (>= 0.3.2)

PLATFORMS
  ruby

DEPENDENCIES
  http_client_detector!
  mime-types (~> 1.25)
  rack-test (~> 0.6)
  rake (= 0.8.7)
  rspec (~> 2.14)
  webmock (~> 1.13)

BUNDLED WITH
   1.10.6
